GIT
  remote: git://github.com/andrew/RTanque.git
  revision: 0f974784a259906bc2ca970be2f8dff2c860c2a2
  specs:
    rtanque (0.1.2)
      configuration (~> 1.3.2)
      gosu (~> 0.8.6)
      octokit (~> 2.7.0)
      texplay
      thor (~> 0.17.0)

GIT
  remote: git://github.com/banister/texplay.git
  revision: a7055d39aee332b6ef98327bf6463a10ee1098cb
  specs:
    texplay (0.4.4.pre)
      gosu (>= 0.7.25)

GEM
  remote: https://rubygems.org/
  specs:
    addressable (2.3.7)
    configuration (1.3.4)
    faraday (0.9.1)
      multipart-post (>= 1.2, < 3)
    gosu (0.8.7.2)
    multipart-post (2.0.0)
    octokit (2.7.2)
      sawyer (~> 0.5.2)
    sawyer (0.5.5)
      addressable (~> 2.3.5)
      faraday (~> 0.8, < 0.10)
    thor (0.17.0)

PLATFORMS
  ruby

DEPENDENCIES
  gosu
  rtanque!
  texplay!
